GEM
  remote: https://rubygems.org/
  specs:
    addressable (2.3.8)
    backports (3.6.8)
    daemons (1.2.3)
    eventmachine (1.2.0.1)
    json-schema (2.6.2)
      addressable (~> 2.3.8)
    liquid (3.0.6)
    multi_json (1.12.1)
    rack (1.6.4)
    rack-protection (1.5.3)
      rack
    rack-test (0.6.3)
      rack (>= 1.0)
    sinatra (1.4.7)
      rack (~> 1.5)
      rack-protection (~> 1.4)
      tilt (>= 1.3, < 3)
    sinatra-contrib (1.4.7)
      backports (>= 2.0)
      multi_json
      rack-protection
      rack-test
      sinatra (~> 1.4.0)
      tilt (>= 1.3, < 3)
    sinatra-subdomain (0.2.0)
      sinatra
    sqlite3 (1.3.11)
    thin (1.7.0)
      daemons (~> 1.0, >= 1.0.9)
      eventmachine (~> 1.0, >= 1.0.4)
      rack (>= 1, < 3)
    tilt (2.0.5)

PLATFORMS
  ruby

DEPENDENCIES
  json-schema
  liquid
  sinatra
  sinatra-contrib
  sinatra-subdomain
  sqlite3
  thin

BUNDLED WITH
   1.11.2
